NUGET
  remote: https://nuget.org/api/v2
  specs:
    Castle.Core (3.3.3)
    Castle.Windsor (3.3.0)
      Castle.Core (>= 3.3.0)
    FAKE (4.4.1)
    FSharp.Compiler.Service (0.0.90)
    FSharp.Formatting (2.10.3)
      FSharp.Compiler.Service (>= 0.0.90 <= 1.3)
      FSharpVSPowerTools.Core (1.9.0)
    FSharpVSPowerTools.Core (1.9.0)
      FSharp.Compiler.Service (>= 0.0.90)
    Microsoft.Bcl (1.1.10)
      Microsoft.Bcl.Build (>= 1.0.14)
    Microsoft.Bcl.Build (1.0.21)
    Microsoft.Net.Http (2.2.29)
      Microsoft.Bcl (>= 1.1.10)
      Microsoft.Bcl.Build (>= 1.0.14)
    Moq (4.2.1507.118)
    NUnit (2.6.4)
    Octokit (0.15.0)
      Microsoft.Net.Http
    Shouldly (2.6.0)
    SourceLink.Fake (1.1.0)
GITHUB
  remote: fsharp/FAKE
  specs:
    modules/Octokit/Octokit.fsx (b5b55ccbe81c9fda6e025e6c16f041601b8c76df)
      Octokit